GEM
  remote: https://rubygems.org/
  specs:
    async (2.23.0)
      console (~> 1.29)
      fiber-annotation
      io-event (~> 1.9)
      metrics (~> 0.12)
      traces (~> 0.15)
    concurrent-ruby (1.3.5)
    console (1.29.3)
      fiber-annotation
      fiber-local (~> 1.1)
      json
    fiber-annotation (0.2.0)
    fiber-local (1.1.0)
      fiber-storage
    fiber-storage (1.0.0)
    io-event (1.9.0)
    json (2.10.1)
    metrics (0.12.1)
    traces (0.15.2)

PLATFORMS
  ruby
  x86_64-linux

DEPENDENCIES
  async
  concurrent-ruby (~> 1.3)

BUNDLED WITH
   2.5.14
